GEM
  remote: https://rubygems.org/
  specs:
    activemodel (4.2.6)
      activesupport (= 4.2.6)
      builder (~> 3.1)
    activesupport (4.2.6)
      i18n (~> 0.7)
      json (~> 1.7, >= 1.7.7)
      minitest (~> 5.1)
      thread_safe (~> 0.3, >= 0.3.4)
      tzinfo (~> 1.1)
    builder (3.2.2)
    cassandra-driver (2.1.5)
      ione (~> 1.2)
    cequel (1.7.0)
      activemodel (~> 4.0)
      cassandra-driver (~> 2.0)
    dotenv (2.0.2)
    i18n (0.7.0)
    ione (1.2.3)
    json (1.8.3)
    kafka-consumer (0.1.2)
      kazoo-ruby (~> 0.4.0)
      poseidon (~> 0.0.5)
    kazoo-ruby (0.4.0)
      thor (~> 0.19.1)
      zookeeper (~> 1.4)
    minitest (5.8.4)
    octocore (0.0.1)
      cequel (~> 1.7, >= 1.7.0)
    poseidon (0.0.5)
    productrecommender (0.0.1)
    thor (0.19.1)
    thread_safe (0.3.5)
    tzinfo (1.2.2)
      thread_safe (~> 0.1)
    zookeeper (1.4.11)

PLATFORMS
  ruby

DEPENDENCIES
  cassandra-driver
  dotenv
  json
  kafka-consumer
  octocore
  productrecommender
