GEM
  remote: https://rubygems.org/
  specs:
    cassandra-driver (2.1.5)
      ione (~> 1.2)
    dotenv (2.0.2)
    ione (1.2.3)
    json (1.8.3)
    kafka-consumer (0.1.2)
      kazoo-ruby (~> 0.4.0)
      poseidon (~> 0.0.5)
    kazoo-ruby (0.4.0)
      thor (~> 0.19.1)
      zookeeper (~> 1.4)
    poseidon (0.0.5)
    predictor (2.3.1)
      redis (>= 3.0.0)
    redis (3.2.2)
    thor (0.19.1)
    zookeeper (1.4.11)

PLATFORMS
  ruby

DEPENDENCIES
  cassandra-driver
  dotenv
  json
  kafka-consumer
  predictor
