GEM
  remote: https://rubygems.org/
  specs:
    activemodel (4.2.6)
      activesupport (= 4.2.6)
      builder (~> 3.1)
    activesupport (4.2.6)
      i18n (~> 0.7)
      json (~> 1.7, >= 1.7.7)
      minitest (~> 5.1)
      thread_safe (~> 0.3, >= 0.3.4)
      tzinfo (~> 1.1)
    builder (3.2.2)
    cassandra-driver (2.1.5)
      ione (~> 1.2)
    cequel (1.8.0)
      activemodel (~> 4.0)
      cassandra-driver (~> 2.0)
<<<<<<< HEAD
    descriptive_statistics (2.5.1)
    dotenv (2.1.1)
    hiredis (0.6.1)
=======
    dotenv (2.0.2)
    god (0.13.7)
>>>>>>> 200e47e660df7c9cf01aeaef47809068ae00135f
    hooks (0.4.1)
      uber (~> 0.0.14)
    i18n (0.7.0)
    ione (1.2.3)
    json (1.8.3)
    kafka-consumer (0.1.2)
      kazoo-ruby (~> 0.4.0)
      poseidon (~> 0.0.5)
    kazoo-ruby (0.4.0)
      thor (~> 0.19.1)
      zookeeper (~> 1.4)
    minitest (5.8.4)
    mono_logger (1.1.0)
    multi_json (1.11.2)
    octocore (0.0.1)
      cequel (~> 1.7, >= 1.7.0)
<<<<<<< HEAD
      descriptive_statistics (~> 2.5.1, >= 2.5.0)
      hiredis (~> 0.6.1, >= 0.6.0)
      rake (~> 11.1.0, >= 11.1.0)
      redis (~> 3.2.2, >= 3.2.0)
      resque (~> 1.26.0, >= 1.26.0)
      resque-scheduler (~> 4.1.0, >= 4.1.0)
    poseidon (0.0.5)
    predictor (2.3.1)
      redis (>= 3.0.0)
    productrecommender (0.0.1)
      hiredis (~> 0.6, >= 0.6.1)
      predictor (~> 2.3, >= 2.3.1)
    rack (1.6.4)
    rack-protection (1.5.3)
      rack
    rake (11.1.2)
    redis (3.2.2)
    redis-namespace (1.5.2)
      redis (~> 3.0, >= 3.0.4)
    resque (1.26.0)
      mono_logger (~> 1.0)
      multi_json (~> 1.0)
      redis-namespace (~> 1.3)
      sinatra (>= 0.9.2)
      vegas (~> 0.1.2)
    resque-scheduler (4.1.0)
      mono_logger (~> 1.0)
      redis (~> 3.0)
      resque (~> 1.25)
      rufus-scheduler (~> 3.0)
    rufus-scheduler (3.2.0)
    sinatra (1.4.7)
      rack (~> 1.5)
      rack-protection (~> 1.4)
      tilt (>= 1.3, < 3)
=======
    octorecommender (0.0.1)
      octocore (~> 0.0.1, >= 0.0.1)
      predictor (~> 2.3.1, >= 2.3.0)
    poseidon (0.0.5)
    predictor (2.3.1)
      redis (>= 3.0.0)
    redis (3.2.2)
>>>>>>> 200e47e660df7c9cf01aeaef47809068ae00135f
    thor (0.19.1)
    thread_safe (0.3.5)
    tilt (2.0.2)
    tzinfo (1.2.2)
      thread_safe (~> 0.1)
    uber (0.0.15)
    vegas (0.1.11)
      rack (>= 1.0.0)
    zookeeper (1.4.11)

PLATFORMS
  ruby

DEPENDENCIES
  dotenv
  god
  hooks
  json
  kafka-consumer
  octocore
<<<<<<< HEAD
  productrecommender

BUNDLED WITH
   1.11.2
=======
  octorecommender
>>>>>>> 200e47e660df7c9cf01aeaef47809068ae00135f
